PATH
  remote: ../../packages/ruby/mobility
  specs:
    mobility (0.1.2)

GEM
  remote: https://rubygems.org/
  specs:
    google-protobuf (3.21.2)
    google-protobuf (3.21.2-x86_64-linux)
    googleapis-common-protos-types (1.3.2)
      google-protobuf (~> 3.14)
    grpc (1.46.3)
      google-protobuf (~> 3.19)
      googleapis-common-protos-types (~> 1.0)
    grpc (1.46.3-x86_64-linux)
      google-protobuf (~> 3.19)
      googleapis-common-protos-types (~> 1.0)
    rake (13.0.6)

PLATFORMS
  arm64-darwin-20
  ruby
  x86_64-linux

DEPENDENCIES
  grpc
  mobility!
  rake (~> 13.0)

BUNDLED WITH
   2.3.15
